GIT
  remote: git://github.com/drhenner/nifty-generators.git
  revision: dc518739e9734be8aaab74281c565a19fbbae458
  specs:
    nifty-generators (0.4.6)

GIT
  remote: git://github.com/jnicklas/capybara.git
  revision: d9f0c32a0f68836c7b0e0dfadf76c9d46d2b5b42
  specs:
    capybara (2.0.0.beta2)
      mime-types (>= 1.16)
      nokogiri (>= 1.3.3)
      rack (>= 1.0.0)
      rack-test (>= 0.5.4)
      selenium-webdriver (~> 2.0)
      xpath (~> 1.0.0.beta1)

GEM
  remote: http://rubygems.org/
  specs:
    Ascii85 (1.0.1)
    RedCloth (4.2.9)
    ZenTest (4.6.2)
    actionmailer (3.2.6)
      actionpack (= 3.2.6)
      mail (~> 2.4.4)
    actionpack (3.2.6)
      activemodel (= 3.2.6)
      activesupport (= 3.2.6)
      builder (~> 3.0.0)
      erubis (~> 2.7.0)
      journey (~> 1.0.1)
      rack (~> 1.4.0)
      rack-cache (~> 1.2)
      rack-test (~> 0.6.1)
      sprockets (~> 2.1.3)
    activemerchant (1.17.0)
      activesupport (>= 2.3.11)
      braintree (>= 2.0.0)
      builder (>= 2.0.0)
      json (>= 1.5.1)
    activemodel (3.2.6)
      activesupport (= 3.2.6)
      builder (~> 3.0.0)
    activerecord (3.2.6)
      activemodel (= 3.2.6)
      activesupport (= 3.2.6)
      arel (~> 3.0.2)
      tzinfo (~> 0.3.29)
    activeresource (3.2.6)
      activemodel (= 3.2.6)
      activesupport (= 3.2.6)
    activesupport (3.2.6)
      i18n (~> 0.6)
      multi_json (~> 1.0)
    addressable (2.2.8)
    archive-tar-minitar (0.5.2)
    arel (3.0.2)
    authlogic (3.0.3)
      activerecord (>= 3.0.7)
    autotest (4.4.6)
      ZenTest (>= 4.4.1)
    autotest-growl (0.2.16)
    autotest-rails-pure (4.1.2)
    babosa (0.3.7)
    bluecloth (2.1.0)
    braintree (2.16.0)
      builder (>= 2.0.0)
    builder (3.0.0)
    cancan (1.6.8)
    childprocess (0.9.0)
      ffi (~> 1.0, >= 1.0.11)
    chunky_png (1.2.5)
    cocaine (0.2.1)
    columnize (0.3.6)
    compass (0.13.alpha.0)
      chunky_png (~> 1.2)
      fssm (>= 0.2.7)
      sass (~> 3.2.0.alpha.93)
    compass-rails (1.0.3)
      compass (>= 0.12.2, < 0.14)
    database_cleaner (0.8.0)
    diff-lcs (1.1.3)
    dynamic_form (1.1.4)
    email_spec (1.2.1)
      mail (~> 2.2)
      rspec (~> 2.0)
    erubis (2.7.0)
    execjs (1.4.0)
      multi_json (~> 1.0)
    factory_girl (3.3.0)
      activesupport (>= 3.0.0)
    factory_girl_rails (3.3.0)
      factory_girl (~> 3.3.0)
      railties (>= 3.0.0)
    faker (1.0.1)
      i18n (~> 0.4)
    ffi (1.11.3)
    friendly_id (3.3.3.0)
      babosa (~> 0.3.0)
    fssm (0.2.9)
    haml (3.1.6)
    hike (1.2.3)
    i18n (0.6.0)
    journey (1.0.4)
    jquery-rails (2.0.2)
      railties (>= 3.2.0, < 5.0)
      thor (~> 0.14)
    json (1.7.3)
    launchy (2.1.0)
      addressable (~> 2.2.6)
    linecache19 (0.5.12)
      ruby_core_source (>= 0.1.4)
    mail (2.4.4)
      i18n (>= 0.4.0)
      mime-types (~> 1.16)
      treetop (~> 1.4.8)
    metaclass (0.0.1)
    mime-types (1.19)
    mini_portile2 (2.8.0)
    mocha (0.10.5)
      metaclass (~> 0.0.1)
    multi_json (1.14.1)
    mysql2 (0.3.11)
    nested_set (1.6.8)
      activerecord (>= 3.0.0)
      railties (>= 3.0.0)
    nokogiri (1.13.4)
      mini_portile2 (~> 2.8.0)
      racc (~> 1.4)
    paperclip (2.4.5)
      activerecord (>= 2.3.0)
      activesupport (>= 2.3.2)
      cocaine (>= 0.0.2)
      mime-types
    pdf-reader (1.1.1)
      Ascii85 (~> 1.0.0)
      ruby-rc4
    polyglot (0.3.3)
    prawn (0.12.0)
      pdf-reader (>= 0.9.0)
      ttfunk (~> 1.0.2)
    racc (1.6.0)
    rack (1.4.7)
    rack-cache (1.2)
      rack (>= 0.4)
    rack-ssl (1.3.2)
      rack
    rack-test (0.6.1)
      rack (>= 1.0)
    rails (3.2.6)
      actionmailer (= 3.2.6)
      actionpack (= 3.2.6)
      activerecord (= 3.2.6)
      activeresource (= 3.2.6)
      activesupport (= 3.2.6)
      bundler (~> 1.0)
      railties (= 3.2.6)
    rails-erd (0.4.5)
      activerecord (~> 3.0)
      activesupport (~> 3.0)
      ruby-graphviz (~> 0.9.18)
    rails3-generators (0.17.4)
      railties (>= 3.0.0)
    railties (3.2.6)
      actionpack (= 3.2.6)
      activesupport (= 3.2.6)
      rack-ssl (~> 1.3.2)
      rake (>= 0.8.7)
      rdoc (~> 3.4)
      thor (>= 0.14.6, < 2.0)
    rake (0.9.2.2)
    rdoc (3.12)
      json (~> 1.4)
    rmagick (2.13.1)
    rspec (2.8.0)
      rspec-core (~> 2.8.0)
      rspec-expectations (~> 2.8.0)
      rspec-mocks (~> 2.8.0)
    rspec-core (2.8.0)
    rspec-expectations (2.8.0)
      diff-lcs (~> 1.1.2)
    rspec-mocks (2.8.0)
    rspec-rails (2.8.1)
      actionpack (>= 3.0)
      activesupport (>= 3.0)
      railties (>= 3.0)
      rspec (~> 2.8.0)
    rspec-rails-mocha (0.3.2)
      mocha (>= 0.9.8)
      rspec-rails (>= 2.0.0)
    ruby-debug-base19 (0.11.25)
      columnize (>= 0.3.1)
      linecache19 (>= 0.5.11)
      ruby_core_source (>= 0.1.4)
    ruby-debug19 (0.11.6)
      columnize (>= 0.3.1)
      linecache19 (>= 0.5.11)
      ruby-debug-base19 (>= 0.11.19)
    ruby-graphviz (0.9.21)
    ruby-rc4 (0.1.5)
    ruby_core_source (0.1.5)
      archive-tar-minitar (>= 0.5.2)
    rubyzip (1.3.0)
    sass (3.2.0.alpha.269)
    sass-rails (3.2.5)
      railties (~> 3.2.0)
      sass (>= 3.1.10)
      tilt (~> 1.3)
    selenium-webdriver (2.53.4)
      childprocess (~> 0.5)
      rubyzip (~> 1.0)
      websocket (~> 1.0)
    sprockets (2.1.4)
      hike (~> 1.2)
      rack (~> 1.0)
      tilt (~> 1.1, != 1.3.0)
    sqlite3 (1.3.6)
    state_machine (1.1.2)
    thor (0.15.4)
    tilt (1.4.1)
    treetop (1.4.10)
      polyglot
      polyglot (>= 0.3.1)
    ttfunk (1.0.3)
    tzinfo (0.3.33)
    uglifier (1.2.6)
      execjs (>= 0.3.0)
      multi_json (~> 1.3)
    websocket (1.2.8)
    will_paginate (3.0.3)
    xpath (1.0.0.beta1)
      nokogiri (~> 1.3)
    yard (0.8.2.1)

PLATFORMS
  ruby

DEPENDENCIES
  RedCloth
  ZenTest (= 4.6.2)
  activemerchant (~> 1.17.0)
  authlogic (= 3.0.3)
  autotest (~> 4.4.6)
  autotest-growl
  autotest-rails-pure
  bluecloth (~> 2.1.0)
  cancan (~> 1.6.7)
  capybara!
  compass (~> 0.12.rc.0)
  compass-rails
  database_cleaner
  dynamic_form
  email_spec
  factory_girl (~> 3.3.0)
  factory_girl_rails (~> 3.3.0)
  faker
  friendly_id (~> 3.3)
  haml (>= 3.0.13)
  jquery-rails
  launchy
  mocha (~> 0.10.0)
  mysql2 (~> 0.3.10)
  nested_set (~> 1.6.3)
  nifty-generators!
  nokogiri (~> 1.13.4)
  paperclip (~> 2.4.5)
  prawn (~> 0.12.0)
  rails (~> 3.2.6)
  rails-erd
  rails3-generators (~> 0.17.0)
  rake (~> 0.9.2)
  rmagick
  rspec (~> 2.8.0)
  rspec-core (~> 2.8.0)
  rspec-expectations (~> 2.8.0)
  rspec-mocks (~> 2.8.0)
  rspec-rails (~> 2.8.0)
  rspec-rails-mocha
  ruby-debug19
  sass-rails (~> 3.2.3)
  sqlite3
  state_machine (~> 1.1.2)
  uglifier (>= 1.0.3)
  will_paginate (~> 3.0.0)
  yard
